FRAMEWORK: NET46, NET45
NUGET
  remote: https://www.nuget.org/api/v2
    Castle.Core (4.0) - framework: net45, net46
    FAKE (4.61.1) - framework: net45, net46
    FSharp.Compiler.Service (2.0.0.6) - framework: net45, net46
    FSharp.Data (2.3.3) - framework: net45, net46
    FSharp.Formatting (2.14.4) - framework: net45, net46
      FSharp.Compiler.Service (2.0.0.6) - framework: net45, net46
      FSharpVSPowerTools.Core (>= 2.3 < 2.4) - framework: net45, net46
    FSharpVSPowerTools.Core (2.3) - framework: net45, net46
      FSharp.Compiler.Service (>= 2.0.0.3) - framework: net45, net46
    NuGet.CommandLine (3.5) - framework: net45, net46
    System.Reactive (3.1.1) - framework: net45, net46
      System.Reactive.PlatformServices (>= 3.1.1) - framework: net45, net46
      System.Reactive.Windows.Threading (>= 3.1.1) - framework: net45, net46
    System.Reactive.Core (3.1.1) - framework: net45, net46
      System.Reactive.Interfaces (>= 3.1.1) - framework: net45, net46
    System.Reactive.Interfaces (3.1.1) - framework: net45, net46
    System.Reactive.Linq (3.1.1) - framework: net45, net46
      System.Reactive.Core (>= 3.1.1) - framework: net45, net46
    System.Reactive.PlatformServices (3.1.1) - framework: net45, net46
      System.Reactive.Linq (>= 3.1.1) - framework: net45, net46
    System.Reactive.Windows.Threading (3.1.1) - framework: net45, net46
      System.Reactive.Core (>= 3.1.1) - framework: net45, net46
    xunit (1.9.2) - framework: net45, net46
    xunit.extensions (1.9.2) - framework: net45, net46
      xunit (1.9.2) - framework: net45, net46
